PATH
  remote: .
  specs:
    hermes_gps (0.0.1)
      celluloid-io (~> 0.16.1)
      rubyserial (~> 0.1.0)

GEM
  remote: https://rubygems.org/
  specs:
    celluloid (0.16.0)
      timers (~> 4.0.0)
    celluloid-io (0.16.2)
      celluloid (>= 0.16.0)
      nio4r (>= 1.1.0)
    ffi (1.9.6)
    hitimes (1.2.2)
    nio4r (1.1.0)
    rake (10.4.2)
    rubyserial (0.1.2)
      ffi (~> 1.9.3)
    timers (4.0.1)
      hitimes

PLATFORMS
  ruby

DEPENDENCIES
  bundler (~> 1.7)
  hermes_gps!
  rake (~> 10.0)
